GEM
  remote: https://rubygems.org/
  specs:
    activesupport (7.1.3.2)
      base64
      bigdecimal
      concurrent-ruby (~> 1.0, >= 1.0.2)
      connection_pool (>= 2.2.5)
      drb
      i18n (>= 1.6, < 2)
      minitest (>= 5.1)
      mutex_m
      tzinfo (~> 2.0)
    base64 (0.2.0)
    bigdecimal (3.1.6)
    concurrent-ruby (1.2.3)
    connection_pool (2.4.1)
    daemons (1.4.1)
    dicom (0.9.8)
    drb (2.2.0)
      ruby2_keywords
    eventmachine (1.2.7)
    i18n (1.14.1)
      concurrent-ruby (~> 1.0)
    minitest (5.22.2)
    mutex_m (0.2.0)
    observer (0.1.2)
    parallel (1.24.0)
    pkg-config (1.5.6)
    rack (2.2.8.1)
    rmagick (5.4.4)
      observer (~> 0.1)
      pkg-config (~> 1.4)
    ruby2_keywords (0.0.5)
    thin (1.8.2)
      daemons (~> 1.0, >= 1.0.9)
      eventmachine (~> 1.0, >= 1.0.4)
      rack (>= 1, < 3)
    tzinfo (2.0.6)
      concurrent-ruby (~> 1.0)

PLATFORMS
  ruby

DEPENDENCIES
  activesupport
  dicom
  eventmachine
  parallel
  rmagick
  thin

BUNDLED WITH
   1.17.1
